PATH
  remote: .
  specs:
    simplecov-git-changes (0.0.1)
      git_diff_parser
      rugged
      simplecov

GEM
  remote: https://www.rubygems.org/
  specs:
    docile (1.1.5)
    git_diff_parser (2.3.0)
    json (2.0.2)
    rake (12.0.0)
    rugged (0.25.1)
    simplecov (0.12.0)
      docile (~> 1.1.0)
      json (>= 1.8, < 3)
      simplecov-html (~> 0.10.0)
    simplecov-html (0.10.0)

PLATFORMS
  ruby

DEPENDENCIES
  bundler
  rake
  simplecov-git-changes!

BUNDLED WITH
   1.13.6
